GEM
  remote: http://rubygems.org/
  specs:
    atk (1.1.5)
      glib2 (>= 1.1.5)
    cairo (1.12.2)
      pkg-config
    datet (0.0.20)
    diff-lcs (1.1.3)
    gdk_pixbuf2 (1.1.5)
      glib2 (>= 1.1.5)
    git (1.2.5)
    glib2 (1.1.5)
      pkg-config
    gtk2 (1.1.5)
      atk (>= 1.1.5)
      gdk_pixbuf2 (>= 1.1.5)
      pango (>= 1.1.5)
    http2 (0.0.10)
    jeweler (1.8.4)
      bundler (~> 1.0)
      git (>= 1.2.5)
      rake
      rdoc
    json (1.7.5)
    knjrbfw (0.0.94)
      datet
      http2
      php4r
      tsafe
      wref
    pango (1.1.5)
      cairo (>= 1.10.0)
      glib2 (>= 1.1.5)
    php4r (0.0.3)
      datet
      http2
    pkg-config (1.1.4)
    rake (0.9.2.2)
    rdoc (3.12)
      json (~> 1.4)
    rspec (2.8.0)
      rspec-core (~> 2.8.0)
      rspec-expectations (~> 2.8.0)
      rspec-mocks (~> 2.8.0)
    rspec-core (2.8.0)
    rspec-expectations (2.8.0)
      diff-lcs (~> 1.1.2)
    rspec-mocks (2.8.0)
    tsafe (0.0.11)
    wref (0.0.5)

PLATFORMS
  ruby

DEPENDENCIES
  bundler (>= 1.0.0)
  gtk2
  jeweler (~> 1.8.4)
  knjrbfw
  rdoc (~> 3.12)
  rspec (~> 2.8.0)
